GIT
  remote: git://github.com/plataformatec/simple_form.git
  revision: a43bd2722f95102a60ea1bf50c866857d7949bb8
  branch: v2.2
  specs:
    simple_form (2.1.1)
      actionpack (~> 3.0)
      activemodel (~> 3.0)

GIT
  remote: git://github.com/raymondtangsc/acts_as_relation.git
  revision: 5fb0f6ca30ba34359872e10de7e49d87530202cf
  branch: V1.0.2
  specs:
    acts_as_relation (1.0.0)
      activerecord

GIT
  remote: git://github.com/raymondtangsc/amoeba.git
  revision: c34132f3f38ef4678f61248f80039bb69c9c4454
  specs:
    amoeba (2.0.0)
      activerecord (>= 3.2.6, < 5)

GIT
  remote: https://github.com/llja0112/bootstrap-wysihtml5-rails/
  revision: 10e36180ec7aa12bb70d7df27283958edc0e9234
  tag: 0.3.1.25
  specs:
    bootstrap-wysihtml5-rails (0.3.1.24)
      railties (>= 3.0)

GEM
  remote: https://rubygems.org/
  remote: https://rails-assets.org/
  specs:
    actionmailer (3.2.14)
      actionpack (= 3.2.14)
      mail (~> 2.5.4)
    actionpack (3.2.14)
      activemodel (= 3.2.14)
      activesupport (= 3.2.14)
      builder (~> 3.0.0)
      erubis (~> 2.7.0)
      journey (~> 1.0.4)
      rack (~> 1.4.5)
      rack-cache (~> 1.2)
      rack-test (~> 0.6.1)
      sprockets (~> 2.2.1)
    activemodel (3.2.14)
      activesupport (= 3.2.14)
      builder (~> 3.0.0)
    activerecord (3.2.14)
      activemodel (= 3.2.14)
      activesupport (= 3.2.14)
      arel (~> 3.0.2)
      tzinfo (~> 0.3.29)
    activeresource (3.2.14)
      activemodel (= 3.2.14)
      activesupport (= 3.2.14)
    activesupport (3.2.14)
      i18n (~> 0.6, >= 0.6.4)
      multi_json (~> 1.0)
    acts_as_paranoid (0.4.3)
      activerecord (~> 3.2)
    acts_as_votable (0.7.1)
    addressable (2.3.8)
    angular-ui-sortable-rails (0.0.2)
    angularjs-rails (1.3.15)
    arel (3.0.3)
    aws-sdk (1.28.0)
      json (~> 1.4)
      nokogiri (>= 1.4.4)
      uuidtools (~> 2.1)
    axlsx (2.0.0)
      htmlentities (~> 4.3.1)
      nokogiri (>= 1.4.1)
      rubyzip (= 0.9.9)
    bcrypt (3.1.10)
    bcrypt (3.1.10-x86-mingw32)
    bcrypt-ruby (3.1.5)
      bcrypt (>= 3.1.3)
    bcrypt-ruby (3.1.5-x86-mingw32)
      bcrypt (>= 3.1.3)
    best_in_place (3.0.3)
      actionpack (>= 3.2)
      railties (>= 3.2)
    better_errors (2.1.1)
      coderay (>= 1.0.0)
      erubis (>= 2.6.6)
      rack (>= 0.9.0)
    bootstrap-colorpicker-rails (0.3.1)
      railties (>= 3.0)
    bootstrap-datetimepicker-rails (0.0.11)
    bootstrap-sass (2.1.0.0)
    bootstrap-select-rails (1.6.3)
    builder (3.0.4)
    callsite (0.0.11)
    cancancan (1.10.1)
    capistrano (3.4.0)
      i18n
      rake (>= 10.0.0)
      sshkit (~> 1.3)
    capistrano-bundler (1.1.4)
      capistrano (~> 3.1)
      sshkit (~> 1.2)
    capistrano-rails (1.1.3)
      capistrano (~> 3.1)
      capistrano-bundler (~> 1.1)
    capistrano-rvm (0.1.2)
      capistrano (~> 3.0)
      sshkit (~> 1.2)
    capistrano3-puma (0.9.0)
      capistrano (~> 3.0)
      puma (>= 2.6)
    capybara (2.4.4)
      mime-types (>= 1.16)
      nokogiri (>= 1.3.3)
      rack (>= 1.0.0)
      rack-test (>= 0.5.4)
      xpath (~> 2.0)
    celluloid (0.16.0)
      timers (~> 4.0.0)
    childprocess (0.5.6)
      ffi (~> 1.0, >= 1.0.11)
    climate_control (0.0.3)
      activesupport (>= 3.0)
    clockwork (1.2.0)
      activesupport
      tzinfo
    cocaine (0.5.7)
      climate_control (>= 0.0.3, < 1.0)
    cocoon (1.2.6)
    codemirror-rails (3.24)
      railties (>= 3.0, < 5)
    coderay (1.1.0)
    coffee-rails (3.2.2)
      coffee-script (>= 2.2.0)
      railties (~> 3.2.0)
    coffee-script (2.4.1)
      coffee-script-source
      execjs
    coffee-script-source (1.9.1.1)
    colorize (0.7.7)
    connection_pool (2.2.0)
    coveralls (0.8.1)
      json (~> 1.8)
      rest-client (>= 1.6.8, < 2)
      simplecov (~> 0.10.0)
      term-ansicolor (~> 1.3)
      thor (~> 0.19.1)
    crass (1.0.2)
    daemons (1.2.2)
    dalli (2.7.4)
    delayed_job (4.0.6)
      activesupport (>= 3.0, < 5.0)
    delayed_job_active_record (4.0.3)
      activerecord (>= 3.0, < 5.0)
      delayed_job (>= 3.0, < 4.1)
    devise (3.0.0)
      bcrypt-ruby (~> 3.0)
      orm_adapter (~> 0.1)
      railties (>= 3.2.6, < 5)
      warden (~> 1.2.3)
    diff-lcs (1.2.5)
    docile (1.1.5)
    domain_name (0.5.24)
      unf (>= 0.0.5, < 1.0.0)
    dotenv (2.0.1)
    dotenv-rails (2.0.1)
      dotenv (= 2.0.1)
    erubis (2.7.0)
    execjs (2.5.2)
    factory_girl (4.5.0)
      activesupport (>= 3.0.0)
    factory_girl_rails (4.5.0)
      factory_girl (~> 4.5.0)
      railties (>= 3.0.0)
    faker (1.4.3)
      i18n (~> 0.5)
    faraday (0.9.1)
      multipart-post (>= 1.2, < 3)
    ffi (1.9.8-x86-mingw32)
    font-awesome-sass-rails (3.0.2.2)
      railties (>= 3.1.1)
      sass-rails (>= 3.1.1)
    formatador (0.2.5)
    fuubar (2.0.0)
      rspec (~> 3.0)
      ruby-progressbar (~> 1.4)
    gon (5.2.3)
      actionpack (>= 2.3.0)
      json
      multi_json
      request_store (>= 1.0.5)
    google_visualr (2.4.0)
    guard (2.12.5)
      formatador (>= 0.2.4)
      listen (~> 2.7)
      lumberjack (~> 1.0)
      nenv (~> 0.1)
      notiffany (~> 0.0)
      pry (>= 0.9.12)
      shellany (~> 0.0)
      thor (>= 0.18.1)
    guard-compat (1.2.1)
    guard-rspec (4.5.0)
      guard (~> 2.1)
      guard-compat (~> 1.1)
      rspec (>= 2.99.0, < 4.0)
    guard-spork (2.1.0)
      childprocess (>= 0.2.3)
      guard (~> 2.0)
      guard-compat (~> 1.0)
      spork (>= 0.8.4)
    haml (4.0.6)
      tilt
    hashie (3.4.1)
    hike (1.2.3)
    hitimes (1.2.2)
    hitimes (1.2.2-x86-mingw32)
    htmlentities (4.3.3)
    http-cookie (1.0.2)
      domain_name (~> 0.5)
    i18n (0.7.0)
    imagesLoaded_rails (3.1.8)
      railties (>= 3.1)
    journey (1.0.4)
    jqtree-rails (0.1.8.1)
      railties (>= 3.2.0, < 5.0)
      thor (~> 0.14)
    jquery-fileupload-rails (0.4.5)
      actionpack (>= 3.1)
      railties (>= 3.1)
      sass (>= 3.2)
    jquery-rails (2.1.3)
      railties (>= 3.1.0, < 5.0)
      thor (~> 0.14)
    jquery-tmpl-rails (1.1.0)
      rails (>= 3.1.0)
    jquery-validation-rails (1.13.1)
      railties (>= 3.2, < 5.0)
      thor (~> 0.14)
    json (1.8.2)
    jwt (1.4.1)
    kaminari (0.16.3)
      actionpack (>= 3.0.0)
      activesupport (>= 3.0.0)
    koala (2.0.0)
      addressable
      faraday
      multi_json
    launchy (2.4.3)
      addressable (~> 2.3)
    listen (2.10.0)
      celluloid (~> 0.16.0)
      rb-fsevent (>= 0.9.3)
      rb-inotify (>= 0.9)
    lumberjack (1.0.9)
    macaddr (1.7.1)
      systemu (~> 2.6.2)
    mail (2.5.4)
      mime-types (~> 1.16)
      treetop (~> 1.4.8)
    meta_request (0.3.4)
      callsite (~> 0.0, >= 0.0.11)
      rack-contrib (~> 1.1)
      railties (>= 3.0.0, < 5.0.0)
    method_source (0.8.2)
    mime-types (1.25.1)
    mini_portile (0.6.2)
    momentjs-rails (2.10.2)
      railties (>= 3.1)
    multi_json (1.11.0)
    multi_xml (0.5.5)
    multipart-post (2.0.0)
    mysql2 (0.3.18)
    mysql2 (0.3.18-x86-mingw32)
    natcmp (1.4.1)
    nenv (0.2.0)
    net-scp (1.2.1)
      net-ssh (>= 2.6.5)
    net-ssh (2.9.2)
    netrc (0.10.3)
    newrelic_rpm (3.11.2.286)
    nokogiri (1.6.6.2)
      mini_portile (~> 0.6.0)
    nokogiri (1.6.6.2-x86-mingw32)
      mini_portile (~> 0.6.0)
    nokogumbo (1.4.1)
      nokogiri
    notiffany (0.0.6)
      nenv (~> 0.1)
      shellany (~> 0.0)
    oauth2 (1.0.0)
      faraday (>= 0.8, < 0.10)
      jwt (~> 1.0)
      multi_json (~> 1.3)
      multi_xml (~> 0.5)
      rack (~> 1.2)
    omniauth (1.2.2)
      hashie (>= 1.2, < 4)
      rack (~> 1.0)
    omniauth-facebook (2.0.1)
      omniauth-oauth2 (~> 1.2)
    omniauth-oauth2 (1.3.0)
      oauth2 (~> 1.0)
      omniauth (~> 1.2)
    orm_adapter (0.5.0)
    paperclip (3.5.4)
      activemodel (>= 3.0.0)
      activesupport (>= 3.0.0)
      cocaine (~> 0.5.3)
      mime-types
    polyglot (0.3.5)
    pry (0.10.1)
      coderay (~> 1.1.0)
      method_source (~> 0.8.1)
      slop (~> 3.4)
    pry (0.10.1-x86-mingw32)
      coderay (~> 1.1.0)
      method_source (~> 0.8.1)
      slop (~> 3.4)
      win32console (~> 1.3)
    pry-rails (0.3.4)
      pry (>= 0.9.10)
    puma (2.6.0)
      rack (>= 1.1, < 2.0)
    rack (1.4.5)
    rack-cache (1.2)
      rack (>= 0.4)
    rack-contrib (1.2.0)
      rack (>= 0.9.1)
    rack-ssl (1.3.4)
      rack
    rack-test (0.6.3)
      rack (>= 1.0)
    rails (3.2.14)
      actionmailer (= 3.2.14)
      actionpack (= 3.2.14)
      activerecord (= 3.2.14)
      activeresource (= 3.2.14)
      activesupport (= 3.2.14)
      bundler (~> 1.0)
      railties (= 3.2.14)
    rails-assets-fabric (1.5.0)
    railties (3.2.14)
      actionpack (= 3.2.14)
      activesupport (= 3.2.14)
      rack-ssl (~> 1.3.2)
      rake (>= 0.8.7)
      rdoc (~> 3.4)
      thor (>= 0.14.6, < 2.0)
    rake (10.4.2)
    rb-fsevent (0.9.4)
    rb-inotify (0.9.5)
      ffi (>= 0.5.0)
    rdoc (3.12.2)
      json (~> 1.4)
    request_store (1.1.0)
    rest-client (1.8.0)
      http-cookie (>= 1.0.2, < 2.0)
      mime-types (>= 1.16, < 3.0)
      netrc (~> 0.7)
    rest-client (1.8.0-x86-mingw32)
      ffi (~> 1.9)
      http-cookie (>= 1.0.2, < 2.0)
      mime-types (>= 1.16, < 3.0)
      netrc (~> 0.7)
    rollbar (1.5.1)
      multi_json (~> 1.3)
    rspec (3.2.0)
      rspec-core (~> 3.2.0)
      rspec-expectations (~> 3.2.0)
      rspec-mocks (~> 3.2.0)
    rspec-core (3.2.3)
      rspec-support (~> 3.2.0)
    rspec-expectations (3.2.1)
      diff-lcs (>= 1.2.0, < 2.0)
      rspec-support (~> 3.2.0)
    rspec-mocks (3.2.1)
      diff-lcs (>= 1.2.0, < 2.0)
      rspec-support (~> 3.2.0)
    rspec-rails (3.2.1)
      actionpack (>= 3.0, < 4.3)
      activesupport (>= 3.0, < 4.3)
      railties (>= 3.0, < 4.3)
      rspec-core (~> 3.2.0)
      rspec-expectations (~> 3.2.0)
      rspec-mocks (~> 3.2.0)
      rspec-support (~> 3.2.0)
    rspec-support (3.2.2)
    ruby-progressbar (1.7.5)
    rubyzip (0.9.9)
    sanitize (4.0.0)
      crass (~> 1.0.2)
      nokogiri (>= 1.4.4)
      nokogumbo (= 1.4.1)
    sass (3.4.13)
    sass-rails (3.2.6)
      railties (~> 3.2.0)
      sass (>= 3.1.10)
      tilt (~> 1.3)
    scrollToFixed_rails (1.0.5)
      railties (>= 3.1)
    shellany (0.0.1)
    simplecov (0.10.0)
      docile (~> 1.1.0)
      json (~> 1.8)
      simplecov-html (~> 0.10.0)
    simplecov-html (0.10.0)
    slop (3.6.0)
    slugged (2.0.0)
      activerecord (>= 3.0)
      activesupport (>= 3.0)
      uuid
    spork (1.0.0rc4)
    spork (1.0.0rc4-x86-mingw32)
      win32-process
    spork-rails (4.0.0)
      rails (>= 3.0.0, < 5)
      spork (>= 1.0rc0)
    spring (1.3.4)
    sprockets (2.2.3)
      hike (~> 1.2)
      multi_json (~> 1.0)
      rack (~> 1.0)
      tilt (~> 1.1, != 1.3.0)
    sshkit (1.7.1)
      colorize (>= 0.7.0)
      net-scp (>= 1.1.2)
      net-ssh (>= 2.8.0)
    systemu (2.6.5)
    term-ansicolor (1.3.0)
      tins (~> 1.0)
    thor (0.19.1)
    tilt (1.4.1)
    timers (4.0.1)
      hitimes
    tins (1.5.1)
    treetop (1.4.15)
      polyglot
      polyglot (>= 0.3.1)
    truncate_html (0.9.3)
    tzinfo (0.3.44)
    uglifier (2.7.1)
      execjs (>= 0.3.0)
      json (>= 1.8.0)
    unf (0.1.4)
      unf_ext
    unf_ext (0.0.7.1)
    unf_ext (0.0.7.1-x86-mingw32)
    uuid (2.3.7)
      macaddr (~> 1.0)
    uuidtools (2.1.5)
    warden (1.2.3)
      rack (>= 1.0)
    wicked_pdf (0.11.0)
      rails
    win32-process (0.7.5)
      ffi (>= 1.0.0)
    win32console (1.3.2-x86-mingw32)
    wkhtmltopdf_binary_provider (0.12.0)
    xpath (2.0.0)
      nokogiri (~> 1.3)
    yaml_db (0.3.0)
      rails (>= 3.0, < 4.3)
      rake (>= 0.8.7)

PLATFORMS
  ruby
  x86-mingw32

DEPENDENCIES
  acts_as_paranoid (~> 0.4.0)
  acts_as_relation!
  acts_as_votable (~> 0.7.1)
  amoeba!
  angular-ui-sortable-rails
  angularjs-rails
  aws-sdk (= 1.28.0)
  axlsx
  best_in_place
  better_errors
  bootstrap-colorpicker-rails
  bootstrap-datetimepicker-rails
  bootstrap-sass (= 2.1.0.0)
  bootstrap-select-rails
  bootstrap-wysihtml5-rails!
  cancancan (~> 1.8)
  capistrano
  capistrano-bundler
  capistrano-rails
  capistrano-rvm
  capistrano3-puma
  capybara
  clockwork
  cocoon
  codemirror-rails (~> 3.14)
  coffee-rails
  connection_pool
  coveralls
  daemons
  dalli
  delayed_job_active_record
  devise (= 3.0)
  dotenv-rails
  factory_girl_rails
  faker
  font-awesome-sass-rails
  fuubar
  gon
  google_visualr (>= 2.1)
  guard-rspec
  guard-spork
  haml
  htmlentities
  imagesLoaded_rails
  jqtree-rails
  jquery-fileupload-rails
  jquery-rails (= 2.1.3)
  jquery-tmpl-rails
  jquery-validation-rails
  kaminari
  koala
  launchy
  meta_request
  momentjs-rails
  mysql2
  natcmp
  newrelic_rpm
  nokogiri
  omniauth
  omniauth-facebook
  paperclip (~> 3.0)
  pry-rails
  puma (~> 2.6.0)
  rails (= 3.2.14)
  rails-assets-fabric
  rollbar
  rspec-rails
  rubyzip (~> 0.9.9)
  sanitize
  sass-rails (~> 3.2.3)
  scrollToFixed_rails (~> 1.0.0)
  simple_form!
  slugged (~> 2.0)
  spork-rails
  spring
  truncate_html
  uglifier (>= 1.0.3)
  wicked_pdf
  wkhtmltopdf_binary_provider
  yaml_db
